GIT
  remote: https://github.com/tootsuite/mastodon-api.git
  revision: 948610867da933c0b3a681562cca01b483b8e876
  specs:
    mastodon-api (1.1.0)
      addressable (~> 2.4)
      buftok
      http (~> 2.0)

GEM
  remote: https://rubygems.org/
  specs:
    addressable (2.5.1)
      public_suffix (~> 2.0, >= 2.0.2)
    buftok (0.2.0)
    domain_name (0.5.20170404)
      unf (>= 0.0.5, < 1.0.0)
    http (2.2.2)
      addressable (~> 2.3)
      http-cookie (~> 1.0)
      http-form_data (~> 1.0.1)
      http_parser.rb (~> 0.6.0)
    http-cookie (1.0.3)
      domain_name (~> 0.5)
    http-form_data (1.0.3)
    http_parser.rb (0.6.0)
    public_suffix (2.0.5)
    unf (0.1.4)
      unf_ext
    unf_ext (0.0.7.4)

PLATFORMS
  ruby

DEPENDENCIES
  mastodon-api!

BUNDLED WITH
   2.3.23
